GEM
  remote: https://rubygems.org/
  specs:
    rack (3.0.4.2)
    rulers (0.0.1)
      rack

PLATFORMS
  ruby

DEPENDENCIES
  rulers
